GEM
  remote: https://rubygems.org/
  specs:
    addressable (2.4.0)
    daemons (1.2.3)
    em-websocket (0.3.8)
      addressable (>= 2.1.1)
      eventmachine (>= 0.12.9)
    eventmachine (1.2.0.1)
    macaddr (1.7.1)
      systemu (~> 2.6.2)
    rack (1.6.4)
    rack-protection (1.5.3)
      rack
    sinatra (1.4.7)
      rack (~> 1.5)
      rack-protection (~> 1.4)
      tilt (>= 1.3, < 3)
    sinatra-websocket (0.3.1)
      em-websocket (~> 0.3.6)
      eventmachine
      thin (>= 1.3.1, < 2.0.0)
    systemu (2.6.5)
    thin (1.7.0)
      daemons (~> 1.0, >= 1.0.9)
      eventmachine (~> 1.0, >= 1.0.4)
      rack (>= 1, < 3)
    tilt (2.0.5)
    uuid (2.3.8)
      macaddr (~> 1.0)

PLATFORMS
  ruby

DEPENDENCIES
  sinatra
  sinatra-websocket
  uuid
